GEM
  remote: https://rubygems.org/
  specs:
    classifier (1.3.4)
      fast-stemmer (>= 1.0.0)
    diff-lcs (1.3)
    fast-stemmer (1.0.2)
    lemmatizer (0.1.1)
    madeleine (0.9.0)
    rspec (3.6.0)
      rspec-core (~> 3.6.0)
      rspec-expectations (~> 3.6.0)
      rspec-mocks (~> 3.6.0)
    rspec-core (3.6.0)
      rspec-support (~> 3.6.0)
    rspec-expectations (3.6.0)
      diff-lcs (>= 1.2.0, < 2.0)
      rspec-support (~> 3.6.0)
    rspec-mocks (3.6.0)
      diff-lcs (>= 1.2.0, < 2.0)
      rspec-support (~> 3.6.0)
    rspec-support (3.6.0)

PLATFORMS
  ruby

DEPENDENCIES
  classifier
  lemmatizer
  madeleine
  rspec (~> 3.0)

BUNDLED WITH
   1.15.1
