GEM
  remote: https://rubygems.org/
  specs:
    coderay (1.1.1)
    diff-lcs (1.3)
    lemmatizer (0.1.1)
    madeleine (0.9.0)
    method_source (0.8.2)
    n_gram (0.0.1)
    pry (0.10.4)
      coderay (~> 1.1.0)
      method_source (~> 0.8.1)
      slop (~> 3.4)
    pry-nav (0.2.4)
      pry (>= 0.9.10, < 0.11.0)
    pry-rails (0.3.6)
      pry (>= 0.10.4)
    rspec (3.6.0)
      rspec-core (~> 3.6.0)
      rspec-expectations (~> 3.6.0)
      rspec-mocks (~> 3.6.0)
    rspec-core (3.6.0)
      rspec-support (~> 3.6.0)
    rspec-expectations (3.6.0)
      diff-lcs (>= 1.2.0, < 2.0)
      rspec-support (~> 3.6.0)
    rspec-mocks (3.6.0)
      diff-lcs (>= 1.2.0, < 2.0)
      rspec-support (~> 3.6.0)
    rspec-support (3.6.0)
    sentiment_lib (0.2.1)
      rspec (>= 2)
      stemmer (>= 1)
    slop (3.6.0)
    stemmer (1.0.1)

PLATFORMS
  ruby

DEPENDENCIES
  lemmatizer
  madeleine
  n_gram
  pry-nav (~> 0.2.4)
  pry-rails (~> 0.3.2)
  rspec (~> 3.0)
  sentiment_lib

BUNDLED WITH
   1.15.1
